GEM
  remote: https://rubygems.org/
  specs:
    blankslate (2.1.2.4)
    coderay (1.0.9)
    colorize (0.5.8)
    coveralls (0.6.7)
      colorize
      multi_json (~> 1.3)
      rest-client
      simplecov (>= 0.7)
      thor
    json (1.8.0)
    kramdown (1.0.2)
    m (1.3.2)
      method_source (>= 0.6.7)
      rake (>= 0.9.2.2)
    method_source (0.8.1)
    mime-types (1.23)
    minitest (5.0.2)
    multi_json (1.7.4)
    parslet (1.5.0)
      blankslate (~> 2.0)
    pry (0.9.12.2)
      coderay (~> 1.0.5)
      method_source (~> 0.8)
      slop (~> 3.4)
    rake (10.0.4)
    rest-client (1.6.7)
      mime-types (>= 1.16)
    simplecov (0.7.1)
      multi_json (~> 1.0)
      simplecov-html (~> 0.7.1)
    simplecov-html (0.7.1)
    slop (3.4.5)
    thor (0.18.1)
    yard (0.8.6.1)

PLATFORMS
  ruby

DEPENDENCIES
  coveralls
  json (~> 1.7)
  kramdown
  m
  minitest (~> 5.0)
  parslet
  pry
  rake
  yard
