GEM
  remote: https://rubygems.org/
  specs:
    awesome_print (1.1.0)
    blankslate (2.1.2.4)
    coderay (1.0.9)
    colorize (0.5.8)
    coveralls (0.6.7)
      colorize
      multi_json (~> 1.3)
      rest-client
      simplecov (>= 0.7)
      thor
    diff-lcs (1.2.4)
    kramdown (1.1.0)
    metaclass (0.0.1)
    method_source (0.8.2)
    mime-types (1.24)
    mocha (0.14.0)
      metaclass (~> 0.0.1)
    multi_json (1.7.9)
    parslet (1.5.0)
      blankslate (~> 2.0)
    pry (0.9.12.2)
      coderay (~> 1.0.5)
      method_source (~> 0.8)
      slop (~> 3.4)
    rake (10.1.0)
    rest-client (1.6.7)
      mime-types (>= 1.16)
    rspec (2.14.1)
      rspec-core (~> 2.14.0)
      rspec-expectations (~> 2.14.0)
      rspec-mocks (~> 2.14.0)
    rspec-core (2.14.5)
    rspec-expectations (2.14.2)
      diff-lcs (>= 1.1.3, < 2.0)
    rspec-mocks (2.14.3)
    simplecov (0.7.1)
      multi_json (~> 1.0)
      simplecov-html (~> 0.7.1)
    simplecov-html (0.7.1)
    slop (3.4.6)
    thor (0.18.1)
    yard (0.8.7)

PLATFORMS
  ruby

DEPENDENCIES
  awesome_print
  coveralls
  kramdown
  mocha
  parslet (~> 1.5)
  pry
  rake (~> 10.0)
  rspec
  yard
